GEM
  remote: http://rubygems.org/
  specs:
    Antwrap (0.7.0-java)
      hoe (>= 1.3.0)
    atoulme-Antwrap (0.7.5-java)
    bouncy-castle-java (1.5.0147)
    builder (3.2.2)
    buildr (1.4.23-java)
      atoulme-Antwrap (= 0.7.5)
      builder (= 3.2.2)
      bundler
      diff-lcs (= 1.2.4)
      hoe (= 3.7.1)
      jruby-openssl (~> 0.8.2)
      jruby-pageant (= 1.1.1)
      json_pure (= 1.8.0)
      minitar (= 0.5.4)
      net-sftp (= 2.1.2)
      net-ssh (= 2.7.0)
      orderedhash (= 0.0.6)
      rake (= 0.9.2.2)
      rubyzip (= 0.9.9)
      xml-simple (= 1.1.2)
    cucumber (1.3.20)
      builder (>= 2.1.2)
      diff-lcs (>= 1.1.3)
      gherkin (~> 2.12)
      multi_json (>= 1.7.5, < 2.0)
      multi_test (>= 0.1.2)
    diff-lcs (1.2.4)
    facets (3.0.0)
    ftools (0.0.0)
    gherkin (2.12.2-java)
      multi_json (~> 1.3)
    hoe (3.7.1)
      rake (>= 0.8, < 11.0)
    ivy4r (0.12.10)
      Antwrap (>= 0.7.0)
      facets (>= 2.9.0)
      ivy4r-jars (>= 1.2.0)
    ivy4r-jars (1.2.0)
    jruby-openssl (0.8.10)
      bouncy-castle-java (>= 1.5.0147)
    jruby-pageant (1.1.1-java)
    json_pure (1.8.0)
    minitar (0.5.4)
    multi_json (1.11.2)
    multi_test (0.1.2)
    net-sftp (2.1.2)
      net-ssh (>= 2.6.5)
    net-ssh (2.7.0)
    orderedhash (0.0.6)
    rake (0.9.2.2)
    rspec (3.4.0)
      rspec-core (~> 3.4.0)
      rspec-expectations (~> 3.4.0)
      rspec-mocks (~> 3.4.0)
    rspec-core (3.4.4)
      rspec-support (~> 3.4.0)
    rspec-expectations (3.4.0)
      diff-lcs (>= 1.2.0, < 2.0)
      rspec-support (~> 3.4.0)
    rspec-mocks (3.4.1)
      diff-lcs (>= 1.2.0, < 2.0)
      rspec-support (~> 3.4.0)
    rspec-support (3.4.1)
    rubyzip (0.9.9)
    xml-simple (1.1.2)

PLATFORMS
  java

DEPENDENCIES
  buildr (~> 1.4.23)
  cucumber (~> 1.1)
  ftools
  ivy4r (~> 0.12.10)
  rspec

BUNDLED WITH
   1.11.2
