PATH
  remote: .
  specs:
    buildr-examples (0.0.3)
      buildr (~> 1.4.23)
      ftools
      ivy4r (~> 0.12.10)
      rspec

GEM
  remote: http://rubygems.org/
  specs:
    Antwrap (0.7.0)
      hoe (>= 1.3.0)
      rjb (>= 1.0.3)
    Antwrap (0.7.0-java)
      hoe (>= 1.3.0)
    atoulme-Antwrap (0.7.5)
      rjb (>= 1.0.3)
    atoulme-Antwrap (0.7.5-java)
    bouncy-castle-java (1.5.0147)
    builder (3.2.2)
    buildr (1.4.23)
      atoulme-Antwrap (= 0.7.5)
      builder (= 3.2.2)
      bundler
      diff-lcs (= 1.2.4)
      hoe (= 3.7.1)
      json_pure (= 1.8.0)
      minitar (= 0.5.4)
      net-sftp (= 2.1.2)
      net-ssh (= 2.7.0)
      orderedhash (= 0.0.6)
      rake (= 0.9.2.2)
      rjb (= 1.5.1)
      rubyzip (= 0.9.9)
      xml-simple (= 1.1.2)
    buildr (1.4.23-java)
      atoulme-Antwrap (= 0.7.5)
      builder (= 3.2.2)
      bundler
      diff-lcs (= 1.2.4)
      hoe (= 3.7.1)
      jruby-openssl (~> 0.8.2)
      jruby-pageant (= 1.1.1)
      json_pure (= 1.8.0)
      minitar (= 0.5.4)
      net-sftp (= 2.1.2)
      net-ssh (= 2.7.0)
      orderedhash (= 0.0.6)
      rake (= 0.9.2.2)
      rubyzip (= 0.9.9)
      xml-simple (= 1.1.2)
    cucumber (1.1.9)
      builder (>= 2.1.2)
      diff-lcs (>= 1.1.2)
      gherkin (~> 2.9.0)
      json (>= 1.4.6)
      term-ansicolor (>= 1.0.6)
    diff-lcs (1.2.4)
    facets (3.0.0)
    ftools (0.0.0)
    gherkin (2.9.3)
      json (>= 1.4.6)
    gherkin (2.9.3-java)
      json (>= 1.4.6)
    hoe (3.7.1)
      rake (>= 0.8, < 11.0)
    ivy4r (0.12.10)
      Antwrap (>= 0.7.0)
      facets (>= 2.9.0)
      ivy4r-jars (>= 1.2.0)
    ivy4r-jars (1.2.0)
    jruby-openssl (0.8.10)
      bouncy-castle-java (>= 1.5.0147)
    jruby-pageant (1.1.1-java)
    json (1.8.3)
    json (1.8.3-java)
    json_pure (1.8.0)
    minitar (0.5.4)
    net-sftp (2.1.2)
      net-ssh (>= 2.6.5)
    net-ssh (2.7.0)
    orderedhash (0.0.6)
    rake (0.9.2.2)
    rjb (1.5.1)
    rspec (3.4.0)
      rspec-core (~> 3.4.0)
      rspec-expectations (~> 3.4.0)
      rspec-mocks (~> 3.4.0)
    rspec-core (3.4.4)
      rspec-support (~> 3.4.0)
    rspec-expectations (3.4.0)
      diff-lcs (>= 1.2.0, < 2.0)
      rspec-support (~> 3.4.0)
    rspec-mocks (3.4.1)
      diff-lcs (>= 1.2.0, < 2.0)
      rspec-support (~> 3.4.0)
    rspec-support (3.4.1)
    rubyzip (0.9.9)
    term-ansicolor (1.3.2)
      tins (~> 1.0)
    tins (1.9.0)
    xml-simple (1.1.2)

PLATFORMS
  java
  ruby

DEPENDENCIES
  buildr-examples!
  cucumber (~> 1.1.9)

BUNDLED WITH
   1.11.2
